GEM
  remote: https://rubygems.org/
  specs:
    mail (2.6.4)
      mime-types (>= 1.16, < 4)
    mime-types (3.1)
      mime-types-data (~> 3.2015)
    mime-types-data (3.2016.0521)

PLATFORMS
  ruby

DEPENDENCIES
  mail (~> 2.6, >= 2.6.4)

BUNDLED WITH
   1.14.5
