GEM
  remote: https://rubygems.org/
  specs:
    mail (2.6.4)
      mime-types (>= 1.16, < 4)
    mime-types (3.1)
      mime-types-data (~> 3.2015)
    mime-types-data (3.2016.0521)
    ruby_http_client (3.0.1)
    sendgrid-ruby (4.0.8)
      ruby_http_client (~> 3.0.1)

PLATFORMS
  ruby

DEPENDENCIES
  mail (~> 2.6, >= 2.6.4)
  sendgrid-ruby

BUNDLED WITH
   1.14.5
